PATH
  remote: .
  specs:
    new_time (0.0.1)
      RubySunrise (~> 0)

GEM
  remote: https://rubygems.org/
  specs:
    RubySunrise (0.3.1)
      tzinfo
    rake (0.9.6)
    thread_safe (0.3.4)
    tzinfo (1.2.2)
      thread_safe (~> 0.1)

PLATFORMS
  ruby

DEPENDENCIES
  bundler (~> 1.5)
  new_time!
  rake (~> 0)
